GEM
  remote: https://rubygems.org/
  specs:
    asciidoctor (2.0.10)
    asciidoctor-revealjs (4.0.1)
      asciidoctor (>= 2.0.0, < 3.0.0)
      concurrent-ruby (~> 1.0)
      thread_safe (~> 0.3.5)
    concurrent-ruby (1.1.6)
    slim (3.0.9)
      temple (>= 0.7.6, < 0.9)
      tilt (>= 1.3.3, < 2.1)
    temple (0.8.2)
    thread_safe (0.3.6)
    tilt (2.0.10)

PLATFORMS
  ruby

DEPENDENCIES
  asciidoctor-revealjs
  slim (~> 3.0.7)
  thread_safe (~> 0.3.5)
  tilt

BUNDLED WITH
   1.17.2
